PATH
  remote: .
  specs:
    greek_cities (0.1.0)
      colorize
      nokogiri (>= 1.10.4)
      pry

GEM
  remote: https://rubygems.org/
  specs:
    coderay (1.1.2)
    colorize (0.8.1)
    method_source (0.9.2)
    mini_portile2 (2.4.0)
    nokogiri (1.10.4)
      mini_portile2 (~> 2.4.0)
    pry (0.12.2)
      coderay (~> 1.1.0)
      method_source (~> 0.9.0)
    rake (10.5.0)

PLATFORMS
  ruby

DEPENDENCIES
  bundler (~> 1.16)
  greek_cities!
  rake (~> 10.0)

BUNDLED WITH
   1.17.3
